GEM
  remote: https://rubygems.org/
  specs:
    base64 (0.3.0)
    hashie (5.0.0)
    logger (1.7.0)
    mocha (2.7.1)
      ruby2_keywords (>= 0.0.5)
    mustermann (3.0.4)
      ruby2_keywords (~> 0.0.1)
    nio4r (2.7.4)
    nokogiri (1.18.10-x86_64-linux-gnu)
      racc (~> 1.4)
    openfoodfacts (0.10.0)
      hashie (>= 3.4, < 6.0)
      nokogiri (~> 1.16)
    power_assert (2.0.5)
    puma (7.0.4)
      nio4r (~> 2.0)
    racc (1.8.1)
    rack (3.2.2)
    rack-protection (4.1.1)
      base64 (>= 0.1.0)
      logger (>= 1.6.0)
      rack (>= 3.0.0, < 4)
    rack-session (2.1.1)
      base64 (>= 0.1.0)
      rack (>= 3.0.0)
    rackup (2.2.1)
      rack (>= 3)
    rake (13.0.6)
    ruby2_keywords (0.0.5)
    sinatra (4.1.1)
      logger (>= 1.6.0)
      mustermann (~> 3.0)
      rack (>= 3.0.0, < 4)
      rack-protection (= 4.1.1)
      rack-session (>= 2.0.0, < 3)
      tilt (~> 2.0)
    test-unit (3.7.0)
      power_assert
    tilt (2.6.1)

PLATFORMS
  x86_64-linux

DEPENDENCIES
  mocha
  openfoodfacts
  puma
  rack (~> 3.1)
  rackup
  rake
  sinatra
  test-unit

BUNDLED WITH
   2.4.6
